GEM
  remote: https://rubygems.org/
  specs:
    highline (1.6.21)
    librarian (0.1.2)
      highline
      thor (~> 0.15)
    redcarpet (3.1.1)
    thor (0.19.1)
    yard (0.8.7.4)

PLATFORMS
  ruby

DEPENDENCIES
  librarian
  redcarpet
  yard
